NUGET
  remote: http://www.nuget.org/api/v2
    Aether (8.1.2)
    FParsec (1.0.2)
  remote: http://www.myget.org/F/freya/api/v2
    Freya.Core (4.0.0-b011)
      Aether (>= 8.1 < 9.0)
    Freya.Types (4.0.0-b001)
      FParsec (>= 1.0 < 2.0)
    Freya.Types.Http (4.0.0-b001)
      FParsec (>= 1.0 < 2.0)
      Freya.Types (>= 4.0.0-b001)
      Freya.Types.Language (>= 4.0.0-b001)
      Freya.Types.Uri (>= 4.0.0-b001)
    Freya.Types.Http.Cors (4.0.0-b001)
      FParsec (>= 1.0 < 2.0)
      Freya.Types (>= 4.0.0-b001)
      Freya.Types.Http (>= 4.0.0-b001)
      Freya.Types.Language (>= 4.0.0-b001)
      Freya.Types.Uri (>= 4.0.0-b001)
    Freya.Types.Language (4.0.0-b001)
      FParsec (>= 1.0 < 2.0)
      Freya.Types (>= 4.0.0-b001)
    Freya.Types.Uri (4.0.0-b001)
      FParsec (>= 1.0 < 2.0)
      Freya.Types (>= 4.0.0-b001)

GROUP Build
NUGET
  remote: http://www.nuget.org/api/v2
    FAKE (4.28)
GITHUB
  remote: xyncro/build
    build.fsx (589ed49e68b51d7de9e9de9be1adc30e26ce534d)
GROUP Test
FRAMEWORK: >= NET45
NUGET
  remote: http://www.nuget.org/api/v2
    Aether (8.1.2)
    Unquote (3.1.1)
    xunit (2.1)
      xunit.assert (2.1)
      xunit.core (2.1)
    xunit.abstractions (2.0)
    xunit.assert (2.1)
    xunit.core (2.1)
      xunit.extensibility.core (2.1)
      xunit.extensibility.execution (2.1)
    xunit.extensibility.core (2.1)
      xunit.abstractions (2.0)
    xunit.extensibility.execution (2.1)
      xunit.extensibility.core (2.1)
    xunit.runner.console (2.1)
  remote: http://www.myget.org/F/freya/api/v2
    Freya.Core (4.0.0-b011)
      Aether (>= 8.1 < 9.0)
    Freya.Testing (4.0.0-b008)
      Aether (>= 8.1 < 9.0)
      Freya.Core (>= 4.0.0-b < 4.1)
      Unquote
